GEM
  remote: https://gems.ruby-china.com/
  specs:

PLATFORMS
  ruby

DEPENDENCIES

BUNDLED WITH
   2.0.1
